GIT
  remote: git://github.com/justinweiss/reactive_resource.git
  revision: 738b10bf370cbd2e9a6fb3d80c54b62b60d7a3f8
  specs:
    reactive_resource (0.5.1)
      activeresource (>= 2.3.10)

GEM
  remote: http://rubygems.org/
  specs:
    ZenTest (4.5.0)
    activemodel (3.0.5)
      activesupport (= 3.0.5)
      builder (~> 2.1.2)
      i18n (~> 0.4)
    activeresource (3.0.5)
      activemodel (= 3.0.5)
      activesupport (= 3.0.5)
    activesupport (3.0.5)
    addressable (2.2.4)
    autotest (4.4.6)
      ZenTest (>= 4.4.1)
    autotest-fsevent (0.2.5)
      sys-uname
    builder (2.1.2)
    chalofa_ruby-progressbar (0.0.9.1)
    diff-lcs (1.1.2)
    fakeweb (1.3.0)
    fuubar (0.0.4)
      chalofa_ruby-progressbar (~> 0.0.9)
      rspec (~> 2.0)
      rspec-instafail (~> 0.1.4)
    git (1.2.5)
    i18n (0.5.0)
    jeweler (1.5.2)
      bundler (~> 1.0.0)
      git (>= 1.2.5)
      rake
    rake (0.8.7)
    rcov (0.9.9)
    rspec (2.3.0)
      rspec-core (~> 2.3.0)
      rspec-expectations (~> 2.3.0)
      rspec-mocks (~> 2.3.0)
    rspec-core (2.3.1)
    rspec-expectations (2.3.0)
      diff-lcs (~> 1.1.2)
    rspec-instafail (0.1.7)
    rspec-mocks (2.3.0)
    sys-uname (0.8.5)
    unidecode (1.0.0)
    yard (0.6.4)

PLATFORMS
  ruby

DEPENDENCIES
  activeresource
  addressable
  autotest
  autotest-fsevent
  bundler (~> 1.0.0)
  fakeweb
  fuubar
  jeweler (~> 1.5.2)
  rcov
  reactive_resource!
  rspec (~> 2.3.0)
  unidecode
  yard
